PATH
  remote: ../rr-amy
  specs:
    rr-amy (0.1.8)
      erubis (~> 2.0)
      multi_json (~> 1.0)
      rack (~> 3.0)
      rackup (~> 2.0)

GEM
  remote: https://rubygems.org/
  specs:
    byebug (11.1.3)
    erubis (2.7.0)
    ffi (1.16.3)
    listen (3.9.0)
      rb-fsevent (~> 0.10, >= 0.10.3)
      rb-inotify (~> 0.9, >= 0.9.10)
    multi_json (1.15.0)
    rack (3.0.10)
    rackup (2.1.0)
      rack (>= 3)
      webrick (~> 1.8)
    rb-fsevent (0.11.2)
    rb-inotify (0.10.1)
      ffi (~> 1.0)
    rerun (0.14.0)
      listen (~> 3.0)
    webrick (1.8.1)

PLATFORMS
  ruby
  x86_64-linux

DEPENDENCIES
  byebug
  rack
  rerun
  rr-amy!

BUNDLED WITH
   2.5.5
